PATH
  remote: .
  specs:
    ngineer (0.0.1)
      commander
      identifier

GEM
  remote: https://rubygems.org/
  specs:
    commander (4.1.3)
      highline (~> 1.6.11)
    diff-lcs (1.2.1)
    highline (1.6.15)
    identifier (1.1.5)
    rspec (2.13.0)
      rspec-core (~> 2.13.0)
      rspec-expectations (~> 2.13.0)
      rspec-mocks (~> 2.13.0)
    rspec-core (2.13.0)
    rspec-expectations (2.13.0)
      diff-lcs (>= 1.1.3, < 2.0)
    rspec-mocks (2.13.0)
    wirble (0.1.3)

PLATFORMS
  ruby

DEPENDENCIES
  ngineer!
  rspec
  wirble
