PATH
  remote: .
  specs:
    ngineer (0.0.1)
      commander
      identifier

GEM
  remote: http://rubygems.org/
  specs:
    commander (4.1.2)
      highline (~> 1.6.11)
    diff-lcs (1.1.3)
    highline (1.6.11)
    identifier (1.1.2)
    rspec (2.8.0)
      rspec-core (~> 2.8.0)
      rspec-expectations (~> 2.8.0)
      rspec-mocks (~> 2.8.0)
    rspec-core (2.8.0)
    rspec-expectations (2.8.0)
      diff-lcs (~> 1.1.2)
    rspec-mocks (2.8.0)
    wirble (0.1.3)

PLATFORMS
  ruby

DEPENDENCIES
  ngineer!
  rspec
  wirble
